GEM
  remote: https://rubygems.org/
  specs:
    rubyzip (1.1.0)

PLATFORMS
  ruby

DEPENDENCIES
  rubyzip
